GEM
  remote: https://rubygems.org/
  specs:
    backports (3.6.8)
    colorator (0.1)
    fast-stemmer (1.0.2)
    ffi (1.9.14)
    jekyll (3.1.6)
      colorator (~> 0.1)
      jekyll-sass-converter (~> 1.0)
      jekyll-watch (~> 1.1)
      kramdown (~> 1.3)
      liquid (~> 3.0)
      mercenary (~> 0.3.3)
      rouge (~> 1.7)
      safe_yaml (~> 1.0)
    jekyll-related-posts (0.1.1)
      fast-stemmer (~> 1.0)
      jekyll (~> 3.0)
      liquid (~> 3.0)
      nmatrix (~> 0.2)
      nmatrix-lapacke (~> 0.2)
      pqueue (~> 2.1)
      stopwords-filter (~> 0.3)
      tokenizer (~> 0.1)
    jekyll-sass-converter (1.4.0)
      sass (~> 3.4)
    jekyll-tagging (1.0.1)
      ruby-nuggets
    jekyll-watch (1.5.0)
      listen (~> 3.0, < 3.1)
    kramdown (1.11.1)
    liquid (3.0.6)
    listen (3.0.6)
      rb-fsevent (>= 0.9.3)
      rb-inotify (>= 0.9.7)
    mercenary (0.3.6)
    nmatrix (0.2.3)
      packable (~> 1.3, >= 1.3.5)
    nmatrix-lapacke (0.2.3)
      nmatrix (= 0.2.3)
    nuggets (1.0.0)
    packable (1.3.8)
      backports
    pqueue (2.1.0)
    rb-fsevent (0.9.7)
    rb-inotify (0.9.7)
      ffi (>= 0.5.0)
    rouge (1.11.1)
    ruby-nuggets (1.0.0)
      nuggets (= 1.0.0)
    safe_yaml (1.0.4)
    sass (3.4.22)
    stopwords-filter (0.3.1)
    tokenizer (0.3.0)

PLATFORMS
  ruby

DEPENDENCIES
  jekyll
  jekyll-related-posts
  jekyll-tagging
  kramdown

BUNDLED WITH
   1.11.2
